GEM
  remote: http://rubygems.org/
  specs:
    activesupport (3.2.14)
      i18n (~> 0.6, >= 0.6.4)
      multi_json (~> 1.0)

PLATFORMS
  ruby

DEPENDENCIES
  activesupport (< 4.0.0)
